GEM
  remote: https://rubygems.org/
  specs:
    asciidoctor (2.0.18)
    asciidoctor-diagram (2.2.3)
      asciidoctor (>= 1.5.7, < 3.x)
      asciidoctor-diagram-ditaamini (~> 1.0)
      asciidoctor-diagram-plantuml (~> 1.2021)
      rexml
    asciidoctor-diagram-ditaamini (1.0.3)
    asciidoctor-diagram-plantuml (1.2022.5)
    rexml (3.2.5)

PLATFORMS
  x86_64-linux

DEPENDENCIES
  asciidoctor (>= 2.0)
  asciidoctor-diagram (>= 2.2)

BUNDLED WITH
   2.3.15
