GEM
  remote: https://rubygems.org/
  specs:
    asciidoctor (2.0.23)
    asciidoctor-diagram (2.3.1)
      asciidoctor (>= 1.5.7, < 3.x)
      asciidoctor-diagram-ditaamini (~> 1.0)
      asciidoctor-diagram-plantuml (~> 1.2021)
      rexml
    asciidoctor-diagram-batik (1.17)
    asciidoctor-diagram-ditaamini (1.0.3)
    asciidoctor-diagram-plantuml (1.2024.6)
      asciidoctor-diagram-batik (~> 1.17)
    asciidoctor-revealjs (5.1.0)
      asciidoctor (>= 2.0.0, < 3.0.0)
    rake (13.2.1)
    rexml (3.3.6)
      strscan
    strscan (3.1.0)

PLATFORMS
  x86_64-linux

DEPENDENCIES
  asciidoctor (>= 2.0)
  asciidoctor-diagram (>= 2.3)
  asciidoctor-revealjs (>= 5.1)
  rake (>= 13.0)

BUNDLED WITH
   2.4.21
