GEM
  remote: https://rubygems.org/
  specs:
    asciidoctor (2.0.23)
    asciidoctor-diagram (3.0.1)
      asciidoctor (>= 1.5.7, < 3.x)
      rexml
    asciidoctor-diagram-batik (1.17)
    asciidoctor-diagram-plantuml (1.2025.3)
      asciidoctor-diagram-batik (~> 1.17)
    asciidoctor-revealjs (5.2.0)
      asciidoctor (>= 2.0.0, < 3.0.0)
    rake (13.3.0)
    rexml (3.4.2)

PLATFORMS
  ruby
  x86_64-linux-gnu

DEPENDENCIES
  asciidoctor (>= 2.0)
  asciidoctor-diagram (>= 3.0)
  asciidoctor-diagram-plantuml (~> 1.2025, >= 1.2025.3)
  asciidoctor-revealjs (>= 5.2)
  rake (>= 13.3)

BUNDLED WITH
   2.5.22
